GEM
  remote: https://rubygems.org/
  specs:
    codeclimate-test-reporter (0.4.8)
      simplecov (>= 0.7.1, < 1.0.0)
    docile (1.1.5)
    erubis (2.7.0)
    facets (3.0.0)
    hemp (1.0.1)
      bundler (~> 1.10)
      codeclimate-test-reporter
      erubis
      facets
      minitest
      rack
      rack-test
      rake (~> 10.0)
      sqlite3
      tilt
    json (1.8.3)
    minitest (5.8.4)
    rack (1.6.4)
    rack-test (0.6.3)
      rack (>= 1.0)
    rake (10.5.0)
    simplecov (0.11.2)
      docile (~> 1.1.0)
      json (~> 1.8)
      simplecov-html (~> 0.10.0)
    simplecov-html (0.10.0)
    sqlite3 (1.3.11)
    tilt (2.0.2)

PLATFORMS
  ruby

DEPENDENCIES
  hemp

BUNDLED WITH
   1.10.6
